GEM
  specs:
    jekyll-timeago (0.8.2)

PLATFORMS
  ruby

DEPENDENCIES
  jekyll-timeago
